PATH
  remote: .
  specs:
    vesr (1.0.0)
      aasm (~> 4.1)

GEM
  remote: https://rubygems.org/
  specs:
    aasm (4.5.1)
    diff-lcs (1.2.5)
    rake (0.9.2)
    rdoc (3.9.4)
    rspec (3.4.0)
      rspec-core (~> 3.4.0)
      rspec-expectations (~> 3.4.0)
      rspec-mocks (~> 3.4.0)
    rspec-core (3.4.1)
      rspec-support (~> 3.4.0)
    rspec-expectations (3.4.0)
      diff-lcs (>= 1.2.0, < 2.0)
      rspec-support (~> 3.4.0)
    rspec-mocks (3.4.0)
      diff-lcs (>= 1.2.0, < 2.0)
      rspec-support (~> 3.4.0)
    rspec-support (3.4.1)

PLATFORMS
  ruby

DEPENDENCIES
  rake
  rdoc
  rspec (~> 3.4.0)
  vesr!

BUNDLED WITH
   1.10.6
