PATH
  remote: .
  specs:
    vesr (0.13.1)
      aasm (~> 4.1)

GEM
  remote: http://rubygems.org/
  specs:
    aasm (4.1.0)
    rake (0.9.2)
    rdoc (3.9.4)

PLATFORMS
  ruby

DEPENDENCIES
  rake
  rdoc
  vesr!
